GEM
  remote: https://rubygems.org/
  specs:
    celluloid (0.15.2)
      timers (~> 1.1.0)
    codependency (2.0.0)
    coderay (1.0.9)
    ffi (1.8.1)
    formatador (0.2.4)
    guard (2.1.1)
      formatador (>= 0.2.4)
      listen (~> 2.1)
      lumberjack (~> 1.0)
      pry (>= 0.9.12)
      thor (>= 0.18.1)
    guard-motion (0.1.2)
      guard (>= 1.1.0)
      rake (>= 0.9)
    listen (2.1.1)
      celluloid (>= 0.15.2)
      rb-fsevent (>= 0.9.3)
      rb-inotify (>= 0.9)
    lumberjack (1.0.3)
    map-kit-wrapper (0.0.5)
      codependency (= 2.0.0)
      rake
    method_source (0.8.1)
    motion-stump (0.3.0)
    pry (0.9.12.2)
      coderay (~> 1.0.5)
      method_source (~> 0.8)
      slop (~> 3.4)
    rake (10.1.0)
    rb-fsevent (0.9.3)
    rb-inotify (0.9.0)
      ffi (>= 0.5.0)
    slop (3.4.4)
    sugarcube (1.3.4)
    sweettea (0.6.0)
      rake
      sugarcube
      teacup
    teacup (2.1.12)
    thor (0.18.1)
    timers (1.1.0)

PLATFORMS
  ruby

DEPENDENCIES
  guard-motion
  map-kit-wrapper
  motion-stump
  rake
  sugarcube
  sweettea
  teacup
